GEM
  remote: https://rubygems.org/
  specs:
    haml (4.0.7)
      tilt
    mini_portile2 (2.0.0)
    nokogiri (1.6.7.1)
      mini_portile2 (~> 2.0.0.rc2)
    passenger (5.0.25)
      rack
      rake (>= 0.8.1)
    rack (1.6.4)
    rack-protection (1.5.3)
      rack
    rake (10.5.0)
    redis (3.2.2)
    sinatra (1.4.7)
      rack (~> 1.5)
      rack-protection (~> 1.4)
      tilt (>= 1.3, < 3)
    tilt (2.0.2)

PLATFORMS
  ruby

DEPENDENCIES
  haml
  nokogiri
  passenger (>= 5.0.25)
  redis (~> 3.2)
  sinatra

BUNDLED WITH
   1.11.2
